GEM
  remote: https://rubygems.org/
  specs:
    colorize (0.7.3)
    methadone (1.8.0)
      bundler

PLATFORMS
  ruby

DEPENDENCIES
  colorize
  methadone
